GEM
  remote: https://rubygems.org/
  specs:
    coderay (1.1.2)
    guess_html_encoding (0.0.11)
    method_source (0.9.0)
    mini_portile2 (2.3.0)
    nokogiri (1.8.1)
      mini_portile2 (~> 2.3.0)
    pry (0.11.2)
      coderay (~> 1.1.0)
      method_source (~> 0.9.0)
    rchardet (1.6.1)
    ruby-readability (0.7.0)
      guess_html_encoding (>= 0.0.4)
      nokogiri (>= 1.6.0)
    spidr (0.6.0)
      nokogiri (~> 1.3)

PLATFORMS
  ruby

DEPENDENCIES
  pry
  rchardet
  ruby-readability
  spidr

BUNDLED WITH
   1.15.3
